PATH
  remote: .
  specs:
    webspicy (0.24.0)
      finitio (>= 0.12.0, < 0.13.0)
      http (~> 4.4.1)
      listen (~> 3.7)
      mail (~> 2.7)
      mustache (~> 1.0)
      mustermann (~> 3.0)
      mustermann-contrib
      openapi3_parser (~> 0.8.2)
      paint (~> 2.2)
      path (~> 2.0)
      predicate (>= 2.7.1, < 3.0)
      rack-proxy (~> 0.7.0)
      rack-robustness (~> 1.1, >= 1.1.0)
      rack-test (~> 0.6.3)

GEM
  remote: https://rubygems.org/
  specs:
    addressable (2.8.4)
      public_suffix (>= 2.0.2, < 6.0)
    citrus (3.0.2)
    commonmarker (0.23.9)
    date (3.3.3)
    diff-lcs (1.5.0)
    domain_name (0.5.20190701)
      unf (>= 0.0.5, < 1.0.0)
    ffi (1.15.5)
    ffi-compiler (1.0.1)
      ffi (>= 1.0.0)
      rake
    finitio (0.12.0)
      citrus (>= 3.0, < 4.0)
    hansi (0.2.1)
    http (4.4.1)
      addressable (~> 2.3)
      http-cookie (~> 1.0)
      http-form_data (~> 2.2)
      http-parser (~> 1.2.0)
    http-cookie (1.0.5)
      domain_name (~> 0.5)
    http-form_data (2.3.0)
    http-parser (1.2.3)
      ffi-compiler (>= 1.0, < 2.0)
    listen (3.8.0)
      rb-fsevent (~> 0.10, >= 0.10.3)
      rb-inotify (~> 0.9, >= 0.9.10)
    mail (2.8.1)
      mini_mime (>= 0.1.1)
      net-imap
      net-pop
      net-smtp
    mini_mime (1.1.2)
    mustache (1.1.1)
    mustermann (3.0.0)
      ruby2_keywords (~> 0.0.1)
    mustermann-contrib (3.0.0)
      hansi (~> 0.2.0)
      mustermann (= 3.0.0)
    net-imap (0.3.4)
      date
      net-protocol
    net-pop (0.1.2)
      net-protocol
    net-protocol (0.2.1)
      timeout
    net-smtp (0.3.3)
      net-protocol
    openapi3_parser (0.8.2)
      commonmarker (~> 0.17)
      psych (~> 3.1)
    paint (2.3.0)
    path (2.1.0)
    predicate (2.7.1)
      sexpr (~> 1.0)
    psych (3.3.4)
    public_suffix (5.0.1)
    rack (2.2.7)
    rack-protection (3.0.6)
      rack
    rack-proxy (0.7.6)
      rack
    rack-robustness (1.1.0)
    rack-test (0.6.3)
      rack (>= 1.0)
    rake (13.0.6)
    rb-fsevent (0.11.2)
    rb-inotify (0.10.1)
      ffi (~> 1.0)
    rspec (3.12.0)
      rspec-core (~> 3.12.0)
      rspec-expectations (~> 3.12.0)
      rspec-mocks (~> 3.12.0)
    rspec-core (3.12.2)
      rspec-support (~> 3.12.0)
    rspec-expectations (3.12.3)
      diff-lcs (>= 1.2.0, < 2.0)
      rspec-support (~> 3.12.0)
    rspec-mocks (3.12.5)
      diff-lcs (>= 1.2.0, < 2.0)
      rspec-support (~> 3.12.0)
    rspec-support (3.12.0)
    rspec_junit_formatter (0.4.1)
      rspec-core (>= 2, < 4, != 2.12.0)
    ruby2_keywords (0.0.5)
    sexpr (1.0.0)
    sinatra (3.0.6)
      mustermann (~> 3.0)
      rack (~> 2.2, >= 2.2.4)
      rack-protection (= 3.0.6)
      tilt (~> 2.0)
    tilt (2.1.0)
    timeout (0.3.2)
    unf (0.1.4)
      unf_ext
    unf_ext (0.0.8.2)

PLATFORMS
  x86_64-darwin-22
  x86_64-linux

DEPENDENCIES
  rake (~> 13)
  rspec (~> 3.10)
  rspec_junit_formatter (~> 0.4.1)
  sinatra (>= 2.2.4, < 4.0)
  webspicy!

BUNDLED WITH
   2.4.6
